GEM
  remote: https://rubygems.org/
  specs:
    geocoder (1.2.5)
    redis (3.1.0)

PLATFORMS
  ruby

DEPENDENCIES
  geocoder
  redis
